GEM
  remote: https://rubygems.org/
  specs:
    activesupport (7.0.7.1)
      concurrent-ruby (~> 1.0, >= 1.0.2)
      i18n (>= 1.6, < 2)
      minitest (>= 5.1)
      tzinfo (~> 2.0)
    concurrent-ruby (1.3.5)
    dry-core (1.0.0)
      concurrent-ruby (~> 1.0)
      zeitwerk (~> 2.6)
    dry-inflector (1.0.0)
    dry-initializer (3.1.1)
    dry-logic (1.5.0)
      concurrent-ruby (~> 1.0)
      dry-core (~> 1.0, < 2)
      zeitwerk (~> 2.6)
    dry-struct (1.6.0)
      dry-core (~> 1.0, < 2)
      dry-types (>= 1.7, < 2)
      ice_nine (~> 0.11)
      zeitwerk (~> 2.6)
    dry-types (1.7.1)
      concurrent-ruby (~> 1.0)
      dry-core (~> 1.0)
      dry-inflector (~> 1.0)
      dry-logic (~> 1.4)
      zeitwerk (~> 2.6)
    equatable (0.5.0)
    git_fame (3.1.1)
      activesupport (~> 7.0)
      dry-initializer (~> 3.0)
      dry-struct (~> 1.0)
      dry-types (~> 1.0)
      neatjson (~> 0.9)
      rugged (~> 1.0)
      tty-box (~> 0.5)
      tty-option (~> 0.2)
      tty-screen (~> 0.5)
      tty-spinner (~> 0.9)
      tty-table (~> 0.9, <= 0.10.0)
      zeitwerk (~> 2.0)
    i18n (1.14.7)
      concurrent-ruby (~> 1.0)
    ice_nine (0.11.2)
    minitest (5.25.5)
    neatjson (0.10.5)
    necromancer (0.4.0)
    pastel (0.7.2)
      equatable (~> 0.5.0)
      tty-color (~> 0.4.0)
    rugged (1.6.3)
    strings (0.1.8)
      strings-ansi (~> 0.1)
      unicode-display_width (~> 1.5)
      unicode_utils (~> 1.4)
    strings-ansi (0.2.0)
    tty-box (0.5.0)
      pastel (~> 0.7.2)
      strings (~> 0.1.6)
      tty-cursor (~> 0.7)
    tty-color (0.4.3)
    tty-cursor (0.7.1)
    tty-option (0.2.0)
    tty-screen (0.6.5)
    tty-spinner (0.9.3)
      tty-cursor (~> 0.7)
    tty-table (0.10.0)
      equatable (~> 0.5.0)
      necromancer (~> 0.4.0)
      pastel (~> 0.7.2)
      strings (~> 0.1.0)
      tty-screen (~> 0.6.4)
    tzinfo (2.0.6)
      concurrent-ruby (~> 1.0)
    unicode-display_width (1.8.0)
    unicode_utils (1.4.0)
    zeitwerk (2.6.7)

PLATFORMS
  ruby

DEPENDENCIES
  git_fame

BUNDLED WITH
   2.3.3
